GEM
  remote: https://rubygems.org/
  specs:
    ZenTest (4.8.2)
    addressable (2.3.2)
    autotest (4.4.6)
      ZenTest (>= 4.4.1)
    daemons (1.1.9)
    diff-lcs (1.1.3)
    domain_name (0.5.3)
      unf (~> 0.0.3)
    domainatrix (0.0.11)
      addressable
    evalhook (0.5.0)
      partialruby (>= 0.2.0)
      ruby_parser (>= 2.0.6)
    eventmachine (1.0.0)
    fakeweb (1.3.0)
    getsource (0.2.1)
    kicker (2.6.1)
      listen
    listen (0.5.0)
    mechanize (2.5.1)
      domain_name (~> 0.5, >= 0.5.1)
      mime-types (~> 1.17, >= 1.17.2)
      net-http-digest_auth (~> 1.1, >= 1.1.1)
      net-http-persistent (~> 2.5, >= 2.5.2)
      nokogiri (~> 1.4)
      ntlm-http (~> 0.1, >= 0.1.1)
      webrobots (~> 0.0, >= 0.0.9)
    mime-types (1.19)
    net-http-digest_auth (1.2.1)
    net-http-persistent (2.7)
    nokogiri (1.5.5)
    ntlm-http (0.1.1)
    partialruby (0.2.0)
      ruby2ruby (>= 1.2.5)
      ruby_parser (>= 2.0.6)
    rack (1.4.1)
    rack-protection (1.2.0)
      rack
    rb-fsevent (0.9.1)
    rspec (2.11.0)
      rspec-core (~> 2.11.0)
      rspec-expectations (~> 2.11.0)
      rspec-mocks (~> 2.11.0)
    rspec-core (2.11.1)
    rspec-expectations (2.11.3)
      diff-lcs (~> 1.1.3)
    rspec-mocks (2.11.2)
    ruby2ruby (1.3.1)
      ruby_parser (~> 2.0)
      sexp_processor (~> 3.0)
    ruby_parser (2.3.1)
      sexp_processor (~> 3.0)
    sexp_processor (3.2.0)
    shikashi (0.5.0)
      evalhook (>= 0.5.0)
      getsource (>= 0.1.0)
    shotgun (0.9)
      rack (>= 1.0)
    sinatra (1.3.3)
      rack (~> 1.3, >= 1.3.6)
      rack-protection (~> 1.2)
      tilt (~> 1.3, >= 1.3.3)
    thin (1.4.1)
      daemons (>= 1.0.9)
      eventmachine (>= 0.12.6)
      rack (>= 1.0.0)
    tilt (1.3.3)
    unf (0.0.5)
      unf_ext
    unf_ext (0.0.5)
    vcr (2.2.5)
    webrobots (0.0.13)

PLATFORMS
  ruby

DEPENDENCIES
  addressable
  autotest
  domainatrix
  fakeweb
  kicker
  mechanize
  rb-fsevent
  rspec
  shikashi
  shotgun
  sinatra
  thin
  vcr
